GEM
  specs:

PLATFORMS
  ruby

DEPENDENCIES
  jekyll (~> 4.3.2)
  jekyll-archives
  jekyll-feed
  jekyll-paginate-v2
  jekyll-seo-tag
  jekyll-sitemap
  jekyll-theme-chirpy
  webrick

BUNDLED WITH
   2.4.22
