GEM
  specs:

PLATFORMS
  ruby

DEPENDENCIES
  jekyll (~> 4.3.2)
  webrick
  jekyll-theme-chirpy

BUNDLED WITH
   2.4.22
